NUGET
  remote: https://nuget.org/api/v2
  specs:
    Dapper (1.42.0)
    EntityFramework (6.0.0) - framework: >= net40
    FAKE (4.7.1)
    FSharp.Core (4.0.0.1)
    FSharp.Data (2.2.5) - framework: >= net452
    FsPickler (1.2.5)
    Newtonsoft.Json (7.0.1)
    ServiceStack.Common (4.0.12) - framework: >= net40
      ServiceStack.Interfaces (>= 4.0.12)
      ServiceStack.Text (>= 4.0.12)
    ServiceStack.Interfaces (4.0.12) - framework: >= net40
    ServiceStack.Text (4.0.12) - framework: >= net40
    Suave (0.31.1)
      FSharp.Core (>= 4.0.0.1)
      FsPickler (>= 1.2.5)
    System.Data.SQLite.Core (1.0.97.0) - framework: >= net40
